GEM
  remote: https://rubygems.org/
  specs:
    bundle (0.0.1)
      bundler
    coderay (1.1.3)
    method_source (1.0.0)
    mustermann (1.0.3)
    pry (0.13.1)
      coderay (~> 1.1)
      method_source (~> 1.0)
    rack (2.2.3)
    rack-protection (2.1.0)
      rack
    rake (13.0.3)
    require_all (2.0.0)
    shotgun (0.9.2)
      rack (>= 1.0)
    sinatra (2.1.0)
      mustermann (~> 1.0)
      rack (~> 2.2)
      rack-protection (= 2.1.0)
      tilt (~> 2.0)
    tilt (2.0.9)

PLATFORMS
  ruby

DEPENDENCIES
  bundle
  pry
  rake
  require_all
  shotgun
  sinatra

BUNDLED WITH
   2.1.4
